PATH
  remote: .
  specs:
    cleverbot-api (0.0.1)

GEM
  specs:

PLATFORMS
  ruby

DEPENDENCIES
  cleverbot-api!
